PATH
  remote: .
  specs:
    imgem (0.2.0)

GEM
  remote: https://rubygems.org/
  specs:
    rake (13.0.1)

PLATFORMS
  ruby

DEPENDENCIES
  bundler (~> 2.0)
  imgem!
  rake (~> 13.0)

BUNDLED WITH
   2.0.2
